GEM
  remote: https://rubygems.org/
  specs:
    daemons (1.1.9)
    rack (1.5.2)
    rack-protection (1.5.2)
      rack
    redis (3.0.7)
    serialport (1.3.0)
    sinatra (1.4.4)
      rack (~> 1.4)
      rack-protection (~> 1.4)
      tilt (~> 1.3, >= 1.3.4)
    tilt (1.4.1)

PLATFORMS
  ruby

DEPENDENCIES
  daemons
  redis
  serialport
  sinatra
